GEM
  remote: https://rubygems.org/
  specs:
    rack (2.0.1)
    sass (3.4.22)
    sinatra (1.0)
      rack (>= 1.0)
    sinatra-base (1.0)
      rack (>= 1.0)
    slim (3.0.7)
      temple (~> 0.7.6)
      tilt (>= 1.3.3, < 2.1)
    temple (0.7.7)
    tilt (2.0.5)

PLATFORMS
  ruby

DEPENDENCIES
  rack
  sass
  sinatra
  sinatra-base
  slim

RUBY VERSION
   ruby 2.3.1p112

BUNDLED WITH
   1.12.5
